GEM
  remote: http://rubygems.org/
  specs:
    crack (0.1.8)
    haml (3.0.24)
    httparty (0.6.1)
      crack (= 0.1.8)
    rack (1.2.1)
    sinatra (1.1.0)
      rack (~> 1.1)
      tilt (~> 1.1)
    tilt (1.1)

PLATFORMS
  ruby

DEPENDENCIES
  haml
  httparty
  sinatra
